GEM
  remote: https://rubygems.org/
  specs:
    activesupport (5.2.3)
      concurrent-ruby (~> 1.0, >= 1.0.2)
      i18n (>= 0.7, < 2)
      minitest (~> 5.1)
      tzinfo (~> 1.1)
    addressable (2.6.0)
      public_suffix (>= 2.0.2, < 4.0)
    airbrussh (1.3.2)
      sshkit (>= 1.6.1, != 1.7.0)
    bundler-audit (0.6.1)
      bundler (>= 1.2.0, < 3)
      thor (~> 0.18)
    byebug (11.0.1)
    capistrano (3.11.0)
      airbrussh (>= 1.0.0)
      i18n
      rake (>= 10.0.0)
      sshkit (>= 1.9.0)
    capistrano-bundle_audit (0.2.2)
      bundler-audit (~> 0.5)
      capistrano (~> 3.0)
      capistrano-bundler (~> 1.4)
    capistrano-bundler (1.6.0)
      capistrano (~> 3.1)
    capistrano-one_time_key (0.1.0)
      capistrano (~> 3.0)
    capistrano-rvm (0.1.2)
      capistrano (~> 3.0)
      sshkit (~> 1.2)
    capistrano-shared_configs (0.2.2)
    celluloid (0.17.4)
      celluloid-essentials
      celluloid-extras
      celluloid-fsm
      celluloid-pool
      celluloid-supervision
      timers (>= 4.1.1)
    celluloid-essentials (0.20.5)
      timers (>= 4.1.1)
    celluloid-extras (0.20.5)
      timers (>= 4.1.1)
    celluloid-fsm (0.20.5)
      timers (>= 4.1.1)
    celluloid-io (0.17.3)
      celluloid (>= 0.17.2)
      nio4r (>= 1.1)
      timers (>= 4.1.1)
    celluloid-pool (0.20.5)
      timers (>= 4.1.1)
    celluloid-supervision (0.20.6)
      timers (>= 4.1.1)
    chronic (0.10.2)
    concurrent-ruby (1.1.5)
    config (2.0.0)
      activesupport (>= 4.2)
      deep_merge (~> 1.2, >= 1.2.1)
      dry-schema (~> 1.0)
    debouncer (0.2.2)
    deep_merge (1.2.1)
    diff-lcs (1.3)
    digest-crc (0.4.1)
    dlss-capistrano (3.5.0)
      capistrano (~> 3.0)
      capistrano-bundle_audit (>= 0.1.0)
      capistrano-one_time_key
      capistrano-shared_configs
    docile (1.3.2)
    domain_name (0.5.20190701)
      unf (>= 0.0.5, < 1.0.0)
    dor-rights-auth (1.3.0)
      nokogiri
    dot-properties (0.1.3)
    dry-configurable (0.8.3)
      concurrent-ruby (~> 1.0)
      dry-core (~> 0.4, >= 0.4.7)
    dry-container (0.7.2)
      concurrent-ruby (~> 1.0)
      dry-configurable (~> 0.1, >= 0.1.3)
    dry-core (0.4.9)
      concurrent-ruby (~> 1.0)
    dry-equalizer (0.2.2)
    dry-inflector (0.1.2)
    dry-initializer (3.0.1)
    dry-logic (1.0.3)
      concurrent-ruby (~> 1.0)
      dry-core (~> 0.2)
      dry-equalizer (~> 0.2)
    dry-schema (1.3.2)
      concurrent-ruby (~> 1.0)
      dry-configurable (~> 0.8, >= 0.8.3)
      dry-core (~> 0.4)
      dry-equalizer (~> 0.2)
      dry-initializer (~> 3.0)
      dry-logic (~> 1.0)
      dry-types (~> 1.0)
    dry-types (1.1.1)
      concurrent-ruby (~> 1.0)
      dry-container (~> 0.3)
      dry-core (~> 0.4, >= 0.4.4)
      dry-equalizer (~> 0.2, >= 0.2.2)
      dry-inflector (~> 0.1, >= 0.1.2)
      dry-logic (~> 1.0, >= 1.0.2)
    edtf (3.0.4)
      activesupport (>= 3.0, < 6.0)
    eye (0.10.0)
      celluloid (~> 0.17.3)
      celluloid-io (~> 0.17.0)
      kostya-sigar (~> 2.0.0)
      state_machines
      thor
    hashie (3.6.0)
    honeybadger (4.5.0)
    http (3.3.0)
      addressable (~> 2.3)
      http-cookie (~> 1.0)
      http-form_data (~> 2.0)
      http_parser.rb (~> 0.6.0)
    http-cookie (1.0.3)
      domain_name (~> 0.5)
    http-form_data (2.1.1)
    http_parser.rb (0.6.0)
    http_parser.rb (0.6.0-java)
    httpclient (2.8.3)
    i18n (1.6.0)
      concurrent-ruby (~> 1.0)
    iso-639 (0.2.8)
    json (2.2.0)
    json (2.2.0-java)
    kostya-sigar (2.0.6)
    manticore (0.6.4-java)
      openssl_pkcs8_pure
    marc (1.0.4)
      scrub_rb (>= 1.0.1, < 2)
      unf
    marc-fastxmlwriter (1.0.0)
      marc (~> 1.0)
    marc-marc4j (1.0.0-java)
      marc (~> 1)
    mini_portile2 (2.4.0)
    minitest (5.11.3)
    mods (2.4.1)
      edtf
      iso-639
      nokogiri (>= 1.6.6)
      nom-xml (~> 1.0)
    mods_display (0.7.0)
      i18n
      stanford-mods (~> 2.1)
    net-scp (2.0.0)
      net-ssh (>= 2.6.5, < 6.0.0)
    net-ssh (5.2.0)
    nio4r (2.4.0)
    nokogiri (1.10.4)
      mini_portile2 (~> 2.4.0)
    nokogiri (1.10.4-java)
    nom-xml (1.1.0)
      activesupport (>= 3.2.18)
      i18n
      nokogiri
    openssl_pkcs8_pure (0.0.0.2)
    public_suffix (3.1.1)
    rake (12.3.3)
    retriable (3.1.2)
    rspec (3.8.0)
      rspec-core (~> 3.8.0)
      rspec-expectations (~> 3.8.0)
      rspec-mocks (~> 3.8.0)
    rspec-core (3.8.2)
      rspec-support (~> 3.8.0)
    rspec-expectations (3.8.4)
      diff-lcs (>= 1.2.0, < 2.0)
      rspec-support (~> 3.8.0)
    rspec-mocks (3.8.1)
      diff-lcs (>= 1.2.0, < 2.0)
      rspec-support (~> 3.8.0)
    rspec-support (3.8.2)
    ruby-kafka (0.7.10)
      digest-crc
    scrub_rb (1.0.1)
    simplecov (0.17.0)
      docile (~> 1.1)
      json (>= 1.8, < 3)
      simplecov-html (~> 0.10.0)
    simplecov-html (0.10.2)
    slop (3.6.0)
    sshkit (1.20.0)
      net-scp (>= 1.1.2)
      net-ssh (>= 2.8.0)
    stanford-mods (2.6.1)
      activesupport
      mods (~> 2.2)
    state_machines (0.5.0)
    statsd-ruby (1.4.0)
    thor (0.20.3)
    thread_safe (0.3.6)
    thread_safe (0.3.6-java)
    timers (4.3.0)
    traject (3.1.0)
      concurrent-ruby (>= 0.8.0)
      dot-properties (>= 0.1.1)
      hashie (~> 3.1)
      http (~> 3.0)
      httpclient (~> 2.5)
      marc (~> 1.0)
      marc-fastxmlwriter (~> 1.0)
      nokogiri (~> 1.9)
      slop (>= 3.4.5, < 4.0)
      yell
    traject-marc4j_reader (1.1.0-java)
      marc (~> 1.0)
      marc-marc4j (~> 1.0)
    tzinfo (1.2.5)
      thread_safe (~> 0.1)
    unf (0.1.4)
      unf_ext
    unf (0.1.4-java)
    unf_ext (0.0.7.6)
    whenever (1.0.0)
      chronic (>= 0.6.3)
    yell (2.2.0)

PLATFORMS
  java
  ruby

DEPENDENCIES
  byebug
  capistrano (~> 3.0)
  capistrano-bundler
  capistrano-rvm
  capistrano-shared_configs
  config
  debouncer
  dlss-capistrano
  dor-rights-auth
  eye
  honeybadger
  http
  i18n
  manticore
  mods_display
  rake
  retriable
  rspec
  ruby-kafka
  simplecov
  stanford-mods
  statsd-ruby
  traject (~> 3.0)
  traject-marc4j_reader
  whenever

BUNDLED WITH
   1.17.3
