GEM
  remote: https://rubygems.org/
  specs:
    activesupport (6.1.6)
      concurrent-ruby (~> 1.0, >= 1.0.2)
      i18n (>= 1.6, < 2)
      minitest (>= 5.1)
      tzinfo (~> 2.0)
      zeitwerk (~> 2.3)
    addressable (2.8.0)
      public_suffix (>= 2.0.2, < 5.0)
    airbrussh (1.4.0)
      sshkit (>= 1.6.1, != 1.7.0)
    bundler-audit (0.9.1)
      bundler (>= 1.2.0, < 3)
      thor (~> 1.0)
    byebug (11.1.3)
    capistrano (3.17.0)
      airbrussh (>= 1.0.0)
      i18n
      rake (>= 10.0.0)
      sshkit (>= 1.9.0)
    capistrano-bundle_audit (0.4.0)
      bundler-audit (~> 0.5)
      capistrano (~> 3.0)
      capistrano-bundler (>= 1.4)
    capistrano-bundler (2.1.0)
      capistrano (~> 3.1)
    capistrano-one_time_key (0.1.0)
      capistrano (~> 3.0)
    capistrano-rvm (0.1.2)
      capistrano (~> 3.0)
      sshkit (~> 1.2)
    capistrano-shared_configs (0.2.2)
    chronic (0.10.2)
    concurrent-ruby (1.1.10)
    debouncer (0.2.2)
    diff-lcs (1.5.0)
    digest-crc (0.6.4)
      rake (>= 12.0.0, < 14.0.0)
    dlss-capistrano (4.1.2)
      capistrano (~> 3.0)
      capistrano-bundle_audit (>= 0.3.0)
      capistrano-one_time_key
      capistrano-shared_configs
    docile (1.4.0)
    domain_name (0.5.20190701)
      unf (>= 0.0.5, < 1.0.0)
    dor-rights-auth (1.7.0)
      nokogiri
    dot-properties (0.1.3)
    edtf (3.0.8)
      activesupport (>= 3.0, < 8.0)
    ffi (1.15.5)
    ffi (1.15.5-java)
    ffi-compiler (1.0.1)
      ffi (>= 1.0.0)
      rake
    hashie (5.0.0)
    honeybadger (4.12.1)
    http (5.1.0)
      addressable (~> 2.8)
      http-cookie (~> 1.0)
      http-form_data (~> 2.2)
      llhttp-ffi (~> 0.4.0)
    http-cookie (1.0.5)
      domain_name (~> 0.5)
    http-form_data (2.3.0)
    httpclient (2.8.3)
    i18n (1.10.0)
      concurrent-ruby (~> 1.0)
    iso-639 (0.3.5)
    llhttp-ffi (0.4.0)
      ffi-compiler (~> 1.0)
      rake (~> 13.0)
    manticore (0.9.1-java)
      openssl_pkcs8_pure
    marc (1.1.1)
      rexml
      scrub_rb (>= 1.0.1, < 2)
      unf
    marc-fastxmlwriter (1.1.0)
      marc (~> 1.0)
    marc-marc4j (1.0.0-java)
      marc (~> 1)
    method_source (1.0.0)
    mini_portile2 (2.8.0)
    minitest (5.16.0)
    mods (3.0.2)
      edtf (~> 3.0)
      iso-639
      nokogiri (>= 1.6.6)
      nom-xml (~> 1.0)
    mods_display (1.0.0)
      i18n
      stanford-mods (>= 3.0.0.alpha1, < 4)
      view_component
    net-scp (3.0.0)
      net-ssh (>= 2.6.5, < 7.0.0)
    net-ssh (6.1.0)
    nokogiri (1.13.6)
      mini_portile2 (~> 2.8.0)
      racc (~> 1.4)
    nokogiri (1.13.6-java)
      racc (~> 1.4)
    nokogiri (1.13.6-x86_64-linux)
      racc (~> 1.4)
    nom-xml (1.2.0)
      i18n
      nokogiri
    openssl_pkcs8_pure (0.0.0.2)
    public_suffix (4.0.7)
    racc (1.6.0)
    racc (1.6.0-java)
    rake (13.0.6)
    retriable (3.1.2)
    rexml (3.2.5)
    rspec (3.11.0)
      rspec-core (~> 3.11.0)
      rspec-expectations (~> 3.11.0)
      rspec-mocks (~> 3.11.0)
    rspec-core (3.11.0)
      rspec-support (~> 3.11.0)
    rspec-expectations (3.11.0)
      diff-lcs (>= 1.2.0, < 2.0)
      rspec-support (~> 3.11.0)
    rspec-mocks (3.11.1)
      diff-lcs (>= 1.2.0, < 2.0)
      rspec-support (~> 3.11.0)
    rspec-support (3.11.0)
    ruby-kafka (1.5.0)
      digest-crc
    scrub_rb (1.0.1)
    simplecov (0.21.2)
      docile (~> 1.1)
      simplecov-html (~> 0.11)
      simplecov_json_formatter (~> 0.1)
    simplecov-html (0.12.3)
    simplecov_json_formatter (0.1.4)
    slop (4.9.2)
    sshkit (1.21.2)
      net-scp (>= 1.1.2)
      net-ssh (>= 2.8.0)
    stanford-mods (3.1.0)
      activesupport
      mods (~> 3.0, >= 3.0.1)
    statsd-ruby (1.5.0)
    thor (1.2.1)
    traject (3.7.0)
      concurrent-ruby (>= 0.8.0)
      dot-properties (>= 0.1.1)
      hashie (>= 3.1, < 6)
      http (>= 3.0, < 6)
      httpclient (~> 2.5)
      marc (~> 1.0)
      marc-fastxmlwriter (~> 1.0)
      nokogiri (~> 1.9)
      slop (~> 4.0)
      yell
    traject-marc4j_reader (1.1.0-java)
      marc (~> 1.0)
      marc-marc4j (~> 1.0)
    tzinfo (2.0.4)
      concurrent-ruby (~> 1.0)
    unf (0.1.4)
      unf_ext
    unf (0.1.4-java)
    unf_ext (0.0.8.2)
    view_component (2.57.1)
      activesupport (>= 5.0.0, < 8.0)
      method_source (~> 1.0)
    whenever (1.0.0)
      chronic (>= 0.6.3)
    yell (2.2.2)
    zeitwerk (2.6.0)

PLATFORMS
  java
  ruby
  universal-java-15
  x86_64-linux

DEPENDENCIES
  activesupport (~> 6.0)
  byebug
  capistrano (~> 3.0)
  capistrano-bundler
  capistrano-rvm
  capistrano-shared_configs
  debouncer
  dlss-capistrano
  dor-rights-auth
  honeybadger
  http
  i18n
  iso-639
  manticore
  mods_display (~> 1.0.0.alpha1)
  rake
  retriable
  rexml
  rspec
  ruby-kafka
  simplecov
  stanford-mods (~> 3.0)
  statsd-ruby
  traject (~> 3.0)
  traject-marc4j_reader
  whenever

BUNDLED WITH
   2.2.32
