GEM
  remote: https://rubygems.org/
  specs:
    activesupport (6.1.3)
      concurrent-ruby (~> 1.0, >= 1.0.2)
      i18n (>= 1.6, < 2)
      minitest (>= 5.1)
      tzinfo (~> 2.0)
      zeitwerk (~> 2.3)
    addressable (2.7.0)
      public_suffix (>= 2.0.2, < 5.0)
    airbrussh (1.4.0)
      sshkit (>= 1.6.1, != 1.7.0)
    bundler-audit (0.7.0.1)
      bundler (>= 1.2.0, < 3)
      thor (>= 0.18, < 2)
    byebug (11.1.3)
    capistrano (3.16.0)
      airbrussh (>= 1.0.0)
      i18n
      rake (>= 10.0.0)
      sshkit (>= 1.9.0)
    capistrano-bundle_audit (0.4.0)
      bundler-audit (~> 0.5)
      capistrano (~> 3.0)
      capistrano-bundler (>= 1.4)
    capistrano-bundler (2.0.1)
      capistrano (~> 3.1)
    capistrano-one_time_key (0.1.0)
      capistrano (~> 3.0)
    capistrano-rvm (0.1.2)
      capistrano (~> 3.0)
      sshkit (~> 1.2)
    capistrano-shared_configs (0.2.2)
    chronic (0.10.2)
    concurrent-ruby (1.1.8)
    debouncer (0.2.2)
    diff-lcs (1.4.4)
    digest-crc (0.6.3)
      rake (>= 12.0.0, < 14.0.0)
    dlss-capistrano (3.11.1)
      capistrano (~> 3.0)
      capistrano-bundle_audit (>= 0.3.0)
      capistrano-one_time_key
      capistrano-shared_configs
    docile (1.3.5)
    domain_name (0.5.20190701)
      unf (>= 0.0.5, < 1.0.0)
    dor-rights-auth (1.7.0)
      nokogiri
    dot-properties (0.1.3)
    edtf (3.0.6)
      activesupport (>= 3.0, < 7.0)
    ffi (1.14.2)
    ffi (1.14.2-java)
    ffi-compiler (1.0.1)
      ffi (>= 1.0.0)
      rake
    hashie (4.1.0)
    honeybadger (4.7.3)
    http (4.4.1)
      addressable (~> 2.3)
      http-cookie (~> 1.0)
      http-form_data (~> 2.2)
      http-parser (~> 1.2.0)
    http-cookie (1.0.3)
      domain_name (~> 0.5)
    http-form_data (2.3.0)
    http-parser (1.2.3)
      ffi-compiler (>= 1.0, < 2.0)
    httpclient (2.8.3)
    i18n (1.8.9)
      concurrent-ruby (~> 1.0)
    iso-639 (0.3.5)
    jdbc-mysql (5.1.47)
    manticore (0.7.0-java)
      openssl_pkcs8_pure
    marc (1.0.4)
      scrub_rb (>= 1.0.1, < 2)
      unf
    marc-fastxmlwriter (1.0.0)
      marc (~> 1.0)
    marc-marc4j (1.0.0-java)
      marc (~> 1)
    mini_portile2 (2.5.0)
    minitest (5.14.4)
    mods (2.4.1)
      edtf
      iso-639
      nokogiri (>= 1.6.6)
      nom-xml (~> 1.0)
    mods_display (0.8.0)
      i18n
      stanford-mods (~> 2.1)
    mysql2 (0.5.3)
    net-scp (3.0.0)
      net-ssh (>= 2.6.5, < 7.0.0)
    net-ssh (6.1.0)
    nokogiri (1.11.1)
      mini_portile2 (~> 2.5.0)
      racc (~> 1.4)
    nokogiri (1.11.1-java)
      racc (~> 1.4)
    nokogiri (1.11.1-x86_64-linux)
      racc (~> 1.4)
    nom-xml (1.1.0)
      activesupport (>= 3.2.18)
      i18n
      nokogiri
    openssl_pkcs8_pure (0.0.0.2)
    public_suffix (4.0.6)
    purl_fetcher-client (0.4.1)
      dor-rights-auth
      http
      mods_display
      nokogiri
      stanford-mods
    racc (1.5.2)
    racc (1.5.2-java)
    rake (13.0.3)
    retriable (3.1.2)
    rexml (3.2.4)
    rspec (3.10.0)
      rspec-core (~> 3.10.0)
      rspec-expectations (~> 3.10.0)
      rspec-mocks (~> 3.10.0)
    rspec-core (3.10.1)
      rspec-support (~> 3.10.0)
    rspec-expectations (3.10.1)
      diff-lcs (>= 1.2.0, < 2.0)
      rspec-support (~> 3.10.0)
    rspec-mocks (3.10.2)
      diff-lcs (>= 1.2.0, < 2.0)
      rspec-support (~> 3.10.0)
    rspec-support (3.10.2)
    ruby-kafka (1.3.0)
      digest-crc
    scrub_rb (1.0.1)
    sequel (5.42.0)
    simplecov (0.21.2)
      docile (~> 1.1)
      simplecov-html (~> 0.11)
      simplecov_json_formatter (~> 0.1)
    simplecov-html (0.12.3)
    simplecov_json_formatter (0.1.2)
    slop (4.8.2)
    sshkit (1.21.2)
      net-scp (>= 1.1.2)
      net-ssh (>= 2.8.0)
    stanford-mods (2.6.3)
      activesupport
      mods (~> 2.2)
    statsd-ruby (1.5.0)
    thor (1.1.0)
    traject (3.5.0)
      concurrent-ruby (>= 0.8.0)
      dot-properties (>= 0.1.1)
      hashie (>= 3.1, < 5)
      http (>= 3.0, < 5)
      httpclient (~> 2.5)
      marc (~> 1.0)
      marc-fastxmlwriter (~> 1.0)
      nokogiri (~> 1.9)
      slop (~> 4.0)
      yell
    traject-marc4j_reader (1.1.0-java)
      marc (~> 1.0)
      marc-marc4j (~> 1.0)
    tzinfo (2.0.4)
      concurrent-ruby (~> 1.0)
    unf (0.1.4)
      unf_ext
    unf (0.1.4-java)
    unf_ext (0.0.7.7)
    whenever (1.0.0)
      chronic (>= 0.6.3)
    yell (2.2.2)
    zeitwerk (2.4.2)

PLATFORMS
  java
  ruby
  universal-java-15
  x86_64-linux

DEPENDENCIES
  byebug
  capistrano (~> 3.0)
  capistrano-bundler
  capistrano-rvm
  capistrano-shared_configs
  debouncer
  dlss-capistrano
  honeybadger
  http
  i18n
  iso-639
  jdbc-mysql (~> 5.1.0)
  manticore
  mysql2 (~> 0.5.3)
  purl_fetcher-client (~> 0.4)
  rake
  retriable
  rexml
  rspec
  ruby-kafka
  sequel
  simplecov
  statsd-ruby
  traject (~> 3.0)
  traject-marc4j_reader
  whenever

BUNDLED WITH
   2.2.11
