GIT
  remote: https://github.com/mejackreed/traject
  revision: d03a9abb274e2025d6fcbc4d91f568a61484bc85
  branch: rescue-others
  specs:
    traject (3.0.0.alpha.1)
      concurrent-ruby (>= 0.8.0)
      dot-properties (>= 0.1.1)
      hashie (~> 3.1)
      http (~> 3.0)
      httpclient (~> 2.5)
      marc (~> 1.0)
      marc-fastxmlwriter (~> 1.0)
      nokogiri (~> 1.0)
      slop (>= 3.4.5, < 4.0)
      yell

GEM
  remote: https://rubygems.org/
  specs:
    activesupport (5.2.1)
      concurrent-ruby (~> 1.0, >= 1.0.2)
      i18n (>= 0.7, < 2)
      minitest (~> 5.1)
      tzinfo (~> 1.1)
    addressable (2.5.2)
      public_suffix (>= 2.0.2, < 4.0)
    airbrussh (1.3.0)
      sshkit (>= 1.6.1, != 1.7.0)
    bundler-audit (0.6.0)
      bundler (~> 1.2)
      thor (~> 0.18)
    byebug (10.0.2)
    capistrano (3.11.0)
      airbrussh (>= 1.0.0)
      i18n
      rake (>= 10.0.0)
      sshkit (>= 1.9.0)
    capistrano-bundle_audit (0.2.1)
      bundler-audit (~> 0.5)
      capistrano (~> 3.0)
    capistrano-bundler (1.3.0)
      capistrano (~> 3.1)
      sshkit (~> 1.2)
    capistrano-one_time_key (0.0.1)
      capistrano (~> 3.0)
    capistrano-rvm (0.1.2)
      capistrano (~> 3.0)
      sshkit (~> 1.2)
    capistrano-shared_configs (0.2.2)
    concurrent-ruby (1.0.5)
    concurrent-ruby (1.0.5-java)
    diff-lcs (1.3)
    dlss-capistrano (3.4.1)
      capistrano (~> 3.0)
      capistrano-bundle_audit (>= 0.1.0)
      capistrano-one_time_key
      capistrano-shared_configs
    domain_name (0.5.20180417)
      unf (>= 0.0.5, < 1.0.0)
    dot-properties (0.1.3)
    edtf (3.0.4)
      activesupport (>= 3.0, < 6.0)
    hashie (3.6.0)
    http (3.3.0)
      addressable (~> 2.3)
      http-cookie (~> 1.0)
      http-form_data (~> 2.0)
      http_parser.rb (~> 0.6.0)
    http-cookie (1.0.3)
      domain_name (~> 0.5)
    http-form_data (2.1.1)
    http_parser.rb (0.6.0)
    http_parser.rb (0.6.0-java)
    httpclient (2.8.3)
    i18n (1.1.0)
      concurrent-ruby (~> 1.0)
    iso-639 (0.2.8)
    marc (1.0.2)
      scrub_rb (>= 1.0.1, < 2)
      unf
    marc-fastxmlwriter (1.0.0)
      marc (~> 1.0)
    marc-marc4j (1.0.0-java)
      marc (~> 1)
    mini_portile2 (2.3.0)
    minitest (5.11.3)
    mods (2.4.0)
      edtf
      iso-639
      nokogiri
      nom-xml (~> 1.0)
    net-scp (1.2.1)
      net-ssh (>= 2.6.5)
    net-ssh (5.0.2)
    nokogiri (1.8.4)
      mini_portile2 (~> 2.3.0)
    nokogiri (1.8.4-java)
    nom-xml (1.0.0)
      activesupport (>= 3.2.18)
      i18n
      nokogiri
    public_suffix (3.0.3)
    rake (12.3.1)
    rspec (3.8.0)
      rspec-core (~> 3.8.0)
      rspec-expectations (~> 3.8.0)
      rspec-mocks (~> 3.8.0)
    rspec-core (3.8.0)
      rspec-support (~> 3.8.0)
    rspec-expectations (3.8.1)
      diff-lcs (>= 1.2.0, < 2.0)
      rspec-support (~> 3.8.0)
    rspec-mocks (3.8.0)
      diff-lcs (>= 1.2.0, < 2.0)
      rspec-support (~> 3.8.0)
    rspec-support (3.8.0)
    scrub_rb (1.0.1)
    slop (3.6.0)
    sshkit (1.17.0)
      net-scp (>= 1.1.2)
      net-ssh (>= 2.8.0)
    stanford-mods (2.5.1)
      activesupport
      mods (~> 2.2)
    thor (0.20.0)
    thread_safe (0.3.6)
    thread_safe (0.3.6-java)
    traject-marc4j_reader (1.0.2-java)
      marc (~> 1.0)
      marc-marc4j (~> 1.0)
    tzinfo (1.2.5)
      thread_safe (~> 0.1)
    unf (0.1.4)
      unf_ext
    unf (0.1.4-java)
    unf_ext (0.0.7.5)
    yell (2.0.7)

PLATFORMS
  java
  ruby

DEPENDENCIES
  byebug
  capistrano (~> 3.0)
  capistrano-bundler
  capistrano-rvm
  capistrano-shared_configs
  dlss-capistrano
  http
  i18n
  rake
  rspec
  stanford-mods
  traject!
  traject-marc4j_reader

BUNDLED WITH
   1.16.3
